GEM
  remote: https://rubygems.org/
  specs:
    concurrent-ruby (1.0.5)
    faker (1.9.1)
      i18n (>= 0.7)
    i18n (1.1.0)
      concurrent-ruby (~> 1.0)
    mac-say (0.2.1)

PLATFORMS
  ruby

DEPENDENCIES
  faker
  mac-say

BUNDLED WITH
   1.16.2
